PATH
  remote: .
  specs:
    rack-stackprof (0.2.0)
      stackprof (>= 0.2.12)

GEM
  remote: https://rubygems.org/
  specs:
    rake (12.3.0)
    stackprof (0.2.12)

PLATFORMS
  ruby

DEPENDENCIES
  bundler
  rack-stackprof!
  rake

BUNDLED WITH
   1.17.2
